GEM
  remote: https://rubygems.org/
  specs:
    bourbon (3.1.1)
      sass (>= 3.2.0)
      thor
    ffi (1.9.10)
    listen (3.0.4)
      rb-fsevent (>= 0.9.3)
      rb-inotify (>= 0.9)
    rake (10.3.2)
    rb-fsevent (0.9.6)
    rb-inotify (0.9.5)
      ffi (>= 0.5.0)
    sass (3.2.7)
    thor (0.17.0)

PLATFORMS
  ruby

DEPENDENCIES
  bourbon (~> 3.1)
  listen (~> 3.0)
  rake (~> 10.3)
