GEM
  remote: https://rubygems.org/
  specs:
    bourbon (3.1.1)
      sass (>= 3.2.0)
      thor
    ffi (1.17.0)
    listen (3.0.4)
      rb-fsevent (>= 0.9.3)
      rb-inotify (>= 0.9)
    rake (13.0.6)
    rb-fsevent (0.9.6)
    rb-inotify (0.9.5)
      ffi (>= 0.5.0)
    sass (3.2.7)
    thor (0.17.0)

PLATFORMS
  ruby
  x64-mingw32

DEPENDENCIES
  bourbon (~> 3.1)
  listen (~> 3.0)
  rake (>= 12.3.3)

BUNDLED WITH
   2.3.3
